GEM
  remote: http://rubygems.org/
  specs:
    newrelic_rpm (3.6.8.164)
    rack (1.5.2)
    rack-rewrite (1.4.01)

PLATFORMS
  ruby

DEPENDENCIES
  newrelic_rpm
  rack
  rack-rewrite
